GEM
  remote: http://rubygems.org/
  specs:
    ruby-processing (1.0.11)
    timers (1.1.0)

PLATFORMS
  ruby

DEPENDENCIES
  ruby-processing
  timers
